GEM
  remote: https://rubygems.org/
  specs:
    addressable (2.3.8)
    bson (3.2.4)
    dotenv (2.0.2)
    json (1.8.3)
    mime-types (1.25.1)
    mongo (2.0.6)
      bson (~> 3.0)
    mustermann (1.1.1)
      ruby2_keywords (~> 0.0.1)
    rack (2.2.3)
    rack-protection (2.2.0)
      rack
    rest-client (1.6.9)
      mime-types (~> 1.16)
    ruby2_keywords (0.0.5)
    sinatra (2.2.0)
      mustermann (~> 1.0)
      rack (~> 2.2)
      rack-protection (= 2.2.0)
      tilt (~> 2.0)
    tilt (2.0.10)
    unirest (1.1.2)
      addressable (~> 2.3.5)
      json (~> 1.8.1)
      rest-client (~> 1.6.7)

PLATFORMS
  ruby

DEPENDENCIES
  dotenv (~> 2.0.2)
  mongo (~> 2.0)
  sinatra (~> 2.2.0)
  unirest (~> 1.1.2)
