GEM
  remote: https://rubygems.org/
  specs:
    addressable (2.3.8)
    bson (3.2.4)
    dotenv (2.0.2)
    json (1.8.3)
    mime-types (1.25.1)
    mongo (2.0.6)
      bson (~> 3.0)
    rack (1.6.13)
    rack-protection (1.5.3)
      rack
    rest-client (1.6.9)
      mime-types (~> 1.16)
    sinatra (1.4.6)
      rack (~> 1.4)
      rack-protection (~> 1.4)
      tilt (>= 1.3, < 3)
    tilt (2.0.1)
    unirest (1.1.2)
      addressable (~> 2.3.5)
      json (~> 1.8.1)
      rest-client (~> 1.6.7)

PLATFORMS
  ruby

DEPENDENCIES
  dotenv (~> 2.0.2)
  mongo (~> 2.0)
  sinatra (~> 1.4.6)
  unirest (~> 1.1.2)
